PATH
  remote: .
  specs:
    sqrl_on_rails (0.1.0)
      rqrcode (~> 0.6)

GEM
  remote: https://rubygems.org/
  specs:
    chunky_png (1.3.4)
    diff-lcs (1.2.5)
    rake (10.4.2)
    rqrcode (0.6.0)
      chunky_png
    rspec (3.2.0)
      rspec-core (~> 3.2.0)
      rspec-expectations (~> 3.2.0)
      rspec-mocks (~> 3.2.0)
    rspec-core (3.2.3)
      rspec-support (~> 3.2.0)
    rspec-expectations (3.2.1)
      diff-lcs (>= 1.2.0, < 2.0)
      rspec-support (~> 3.2.0)
    rspec-mocks (3.2.1)
      diff-lcs (>= 1.2.0, < 2.0)
      rspec-support (~> 3.2.0)
    rspec-support (3.2.2)

PLATFORMS
  ruby

DEPENDENCIES
  bundler (~> 1.10)
  rake (~> 10.0)
  rspec (~> 3.0)
  sqrl_on_rails!

BUNDLED WITH
   1.10.3
